{
	"CapManufacturer": "EasyCap",
	"CapManufacturersModelName": "actiCap 64ch CACS-64",
	"EEGChannelCount": 63,
	"EEGGround": "Fpz",
	"EEGPlacementScheme": "Positions chosen from 10% system",
	"EEGReference": "FCz",
	"EOGChannelCount": 1,
	"InstitutionAddress": "Fasanenstr. 1, 10623 Berlin",
	"InstitutionName": "Institute for Psychology and Ergonomics",
	"InstitutionalDepartmentName": "Biological Psychology and Neuroergonomics",
	"Instructions": "",
	"Manufacturer": "Brain Products",
	"ManufacturersModelName": "BrainAmp DC",
	"PowerLineFrequency": 50,
	"RecordingDuration": 2563.139455,
	"SamplingFrequency": 500,
	"SoftwareFilters": "n/a",
	"TaskDescription": "Select an Object in VR by tapping on it with the fingertip of the index finger",
	"TaskName": "PredictionError"
}
